PATH
  remote: .
  specs:
    aylien_text_api (0.1.0)

GEM
  remote: https://rubygems.org/
  specs:
    addressable (2.3.6)
    crack (0.4.2)
      safe_yaml (~> 1.0.0)
    minitest (5.4.3)
    rake (10.4.0)
    safe_yaml (1.0.4)
    vcr (2.9.3)
    webmock (1.20.4)
      addressable (>= 2.3.6)
      crack (>= 0.3.2)

PLATFORMS
  ruby

DEPENDENCIES
  aylien_text_api!
  minitest (~> 5.4)
  rake (~> 10.4)
  vcr (~> 2.9)
  webmock (~> 1.20)
